GEM
  remote: http://rubygems.org/
  specs:
    addressable (2.3.1)
    bouncy-castle-java (1.5.0146.1)
    diff-lcs (1.1.3)
    extlib (0.9.15)
    faraday (0.8.1)
      multipart-post (~> 1.1)
    jruby-openssl (0.7.7)
      bouncy-castle-java (>= 1.5.0146.1)
    jwt (0.1.5)
      multi_json (>= 1.0)
    launchy (2.0.3)
    launchy (2.0.3-java)
      spoon (~> 0.0.1)
    multi_json (1.3.5)
    multipart-post (1.1.5)
    rake (0.9.2.2)
    rcov (1.0.0)
    redcarpet (2.1.1)
    rspec (2.11.0)
      rspec-core (~> 2.11.0)
      rspec-expectations (~> 2.11.0)
      rspec-mocks (~> 2.11.0)
    rspec-core (2.11.1)
    rspec-expectations (2.11.1)
      diff-lcs (~> 1.1.3)
    rspec-mocks (2.11.1)
    spoon (0.0.1)
    yard (0.8.1)

PLATFORMS
  java
  ruby

DEPENDENCIES
  addressable (>= 2.3.1)
  extlib (>= 0.9.15)
  faraday (~> 0.8.1)
  jruby-openssl
  jwt (>= 0.1.5)
  launchy (>= 2.0.0, <= 2.0.3)
  multi_json (>= 1.0.0)
  rake (>= 0.9.0)
  rcov (>= 0.9.9)
  redcarpet
  rspec (>= 2.11.0)
  yard
